GEM
  remote: https://rubygems.org/
  specs:
    coderay (1.1.3)
    method_source (1.0.0)
    power_assert (2.0.3)
    pry (0.14.2)
      coderay (~> 1.1)
      method_source (~> 1.0)
    test-unit (3.6.2)
      power_assert

PLATFORMS
  x86_64-linux

DEPENDENCIES
  pry
  test-unit

RUBY VERSION
   ruby 2.7.4p191

BUNDLED WITH
   2.4.22
